PATH
  remote: .
  specs:
    Rudy (0.1.0)

GEM
  remote: https://rubygems.org/
  specs:
    rake (13.2.1)

PLATFORMS
  arm64-darwin-21
  ruby

DEPENDENCIES
  Rudy!
  rake (~> 13.0)

BUNDLED WITH
   2.5.11
